GEM
  remote: https://rubygems.org/
  specs:
    activesupport (4.2.6)
      i18n (~> 0.7)
      json (~> 1.7, >= 1.7.7)
      minitest (~> 5.1)
      thread_safe (~> 0.3, >= 0.3.4)
      tzinfo (~> 1.1)
    addressable (2.4.0)
    ansi (1.5.0)
    bcrypt (3.1.11)
    builder (3.2.2)
    byebug (9.0.5)
    capybara (2.7.1)
      addressable
      mime-types (>= 1.16)
      nokogiri (>= 1.3.3)
      rack (>= 1.0.0)
      rack-test (>= 0.5.4)
      xpath (~> 2.0)
    dotenv (2.1.1)
    factory_girl (4.7.0)
      activesupport (>= 3.0.0)
    faker (1.6.3)
      i18n (~> 0.5)
    hanami (0.7.3)
      bundler (~> 1.6)
      dotenv (~> 2.0)
      hanami-assets (~> 0.2)
      hanami-controller (~> 0.6)
      hanami-helpers (~> 0.3)
      hanami-mailer (~> 0.2)
      hanami-router (~> 0.6)
      hanami-utils (~> 0.7)
      hanami-view (~> 0.6)
      shotgun (~> 0.9)
      thor (~> 0.19)
    hanami-assets (0.2.1)
      hanami-helpers (~> 0.3)
      hanami-utils (~> 0.7)
      tilt (~> 2.0, >= 2.0.2)
    hanami-controller (0.6.1)
      hanami-utils (~> 0.7)
      hanami-validations (~> 0.5)
      rack (~> 1.6, >= 1.6.2)
    hanami-helpers (0.3.0)
      hanami-utils (~> 0.7)
    hanami-mailer (0.2.0)
      hanami-utils (~> 0.7)
      mail (~> 2.5)
      tilt (~> 2.0, >= 2.0.1)
    hanami-model (0.6.2.1)
      hanami-utils (~> 0.7)
      sequel (~> 4.9)
    hanami-router (0.6.2)
      hanami-utils (~> 0.7)
      http_router (~> 0.11)
    hanami-utils (0.7.2)
    hanami-validations (0.5.0)
      hanami-utils (~> 0.7)
    hanami-view (0.6.1)
      hanami-utils (~> 0.7)
      tilt (~> 2.0, >= 2.0.1)
    http_router (0.11.2)
      rack (>= 1.0.0)
      url_mount (~> 0.2.1)
    i18n (0.7.0)
    json (1.8.3)
    mail (2.6.4)
      mime-types (>= 1.16, < 4)
    mime-types (3.1)
      mime-types-data (~> 3.2015)
    mime-types-data (3.2016.0521)
    mini_portile2 (2.1.0)
    minitest (5.9.0)
    minitest-reporters (1.1.9)
      ansi
      builder
      minitest (>= 5.0)
      ruby-progressbar
    nokogiri (1.6.8)
      mini_portile2 (~> 2.1.0)
      pkg-config (~> 1.1.7)
    pg (0.18.4)
    pkg-config (1.1.7)
    rack (1.6.4)
    rack-test (0.6.3)
      rack (>= 1.0)
    rake (11.2.2)
    ruby-progressbar (1.8.1)
    sequel (4.35.0)
    shotgun (0.9.1)
      rack (>= 1.0)
    slugify (1.0.7)
    thor (0.19.1)
    thread_safe (0.3.5)
    tilt (2.0.5)
    tzinfo (1.2.2)
      thread_safe (~> 0.1)
    url_mount (0.2.1)
      rack
    xpath (2.0.0)
      nokogiri (~> 1.3)

PLATFORMS
  ruby

DEPENDENCIES
  bcrypt
  bundler
  byebug
  capybara
  factory_girl
  faker
  hanami (= 0.7.3)
  hanami-model (~> 0.5)
  minitest
  minitest-reporters
  pg
  rake
  slugify

BUNDLED WITH
   1.12.5
